GIT
  remote: git://github.com/CCedricYoung/ruby-mysql.git
  revision: baad0d1ea7f0ef75b00acab16ac065254b167c00
  specs:
    ruby-mysql (2.9.13)

GEM
  remote: https://rubygems.org/
  specs:
    actionmailer (4.2.0)
      actionpack (= 4.2.0)
      actionview (= 4.2.0)
      activejob (= 4.2.0)
      mail (~> 2.5, >= 2.5.4)
      rails-dom-testing (~> 1.0, >= 1.0.5)
    actionpack (4.2.0)
      actionview (= 4.2.0)
      activesupport (= 4.2.0)
      rack (~> 1.6.0)
      rack-test (~> 0.6.2)
      rails-dom-testing (~> 1.0, >= 1.0.5)
      rails-html-sanitizer (~> 1.0, >= 1.0.1)
    actionview (4.2.0)
      activesupport (= 4.2.0)
      builder (~> 3.1)
      erubis (~> 2.7.0)
      rails-dom-testing (~> 1.0, >= 1.0.5)
      rails-html-sanitizer (~> 1.0, >= 1.0.1)
    activejob (4.2.0)
      activesupport (= 4.2.0)
      globalid (>= 0.3.0)
    activemodel (4.2.0)
      activesupport (= 4.2.0)
      builder (~> 3.1)
    activerecord (4.2.0)
      activemodel (= 4.2.0)
      activesupport (= 4.2.0)
      arel (~> 6.0)
    activesupport (4.2.0)
      i18n (~> 0.7)
      json (~> 1.7, >= 1.7.7)
      minitest (~> 5.1)
      thread_safe (~> 0.3, >= 0.3.4)
      tzinfo (~> 1.1)
    addressable (2.3.8)
    akami (1.3.1)
      gyoku (>= 0.4.0)
      nokogiri
    arel (6.0.3)
    ast (2.1.0)
    astrolabe (1.3.1)
      parser (~> 2.2)
    autoprefixer-rails (6.1.0.1)
      execjs
      json
    bcrypt (3.1.10)
    bcrypt-ruby (3.1.5)
      bcrypt (>= 3.1.3)
    binding_of_caller (0.7.2)
      debug_inspector (>= 0.0.1)
    bootstrap-sass (3.3.4.1)
      autoprefixer-rails (>= 5.0.0.1)
      sass (>= 3.2.19)
    builder (3.2.2)
    byebug (8.2.0)
    capistrano (3.4.0)
      i18n
      rake (>= 10.0.0)
      sshkit (~> 1.3)
    capybara (2.5.0)
      mime-types (>= 1.16)
      nokogiri (>= 1.3.3)
      rack (>= 1.0.0)
      rack-test (>= 0.5.4)
      xpath (~> 2.0)
    chart-js-rails (0.0.9)
      railties (> 3.1)
    childprocess (0.5.8)
      ffi (~> 1.0, >= 1.0.11)
    clipboard (1.0.6)
    coderay (1.1.0)
    coffee-rails (4.1.0)
      coffee-script (>= 2.2.0)
      railties (>= 4.0.0, < 5.0)
    coffee-script (2.4.1)
      coffee-script-source
      execjs
    coffee-script-source (1.10.0)
    connection_pool (2.2.0)
    css_parser (1.3.7)
      addressable
    dashing-rails (2.4.5)
      coffee-script (>= 2.0)
      connection_pool (~> 2.2)
      jquery-rails (>= 3.0)
      rails (>= 4.0)
      redis (~> 3.2)
      rufus-scheduler (~> 3.0)
    debug_inspector (0.0.2)
    diff-lcs (1.2.5)
    domain_name (0.5.25)
      unf (>= 0.0.5, < 1.0.0)
    erubis (2.7.0)
    execjs (2.3.0)
    ffi (1.9.10)
    github-markup (1.4.0)
    globalid (0.3.6)
      activesupport (>= 4.1.0)
    gyoku (1.3.1)
      builder (>= 2.1.2)
    htmlentities (4.3.3)
    http-cookie (1.0.2)
      domain_name (~> 0.5)
    httpi (2.4.1)
      rack
    i18n (0.7.0)
    interception (0.5)
    jbuilder (2.2.9)
      activesupport (>= 3.0.0, < 5)
      multi_json (~> 1.2)
    jquery-rails (4.0.3)
      rails-dom-testing (~> 1.0)
      railties (>= 4.2.0)
      thor (>= 0.14, < 2.0)
    json (1.8.3)
    libv8 (3.16.14.13)
    lograge (0.3.1)
      actionpack (>= 3)
      activesupport (>= 3)
      railties (>= 3)
    loofah (2.0.3)
      nokogiri (>= 1.5.9)
    macaddr (1.7.1)
      systemu (~> 2.6.2)
    mail (2.6.3)
      mime-types (>= 1.16, < 3)
    method_source (0.8.2)
    mime-types (2.4.3)
    mini_portile (0.6.2)
    minitest (5.8.2)
    multi_json (1.11.2)
    mysql (2.9.1)
    net-scp (1.2.1)
      net-ssh (>= 2.6.5)
    net-ssh (3.0.1)
    netrc (0.11.0)
    nokogiri (1.6.6.2)
      mini_portile (~> 0.6.0)
    nori (2.6.0)
    parallel (1.4.1)
    parser (2.2.3.0)
      ast (>= 1.1, < 3.0)
    powerpack (0.1.1)
    pry (0.10.3)
      coderay (~> 1.1.0)
      method_source (~> 0.8.1)
      slop (~> 3.4)
    pry-byebug (3.3.0)
      byebug (~> 8.0)
      pry (~> 0.10)
    pry-clipboard (0.1.1)
      clipboard
      pry
    pry-rescue (1.4.2)
      interception (>= 0.5)
      pry
    pry-stack_explorer (0.4.9.2)
      binding_of_caller (>= 0.7)
      pry (>= 0.9.11)
    public_activity (1.4.2)
      actionpack (>= 3.0.0)
      activerecord (>= 3.0)
      i18n (>= 0.5.0)
      railties (>= 3.0.0)
    puma (2.15.3)
    rack (1.6.4)
    rack-test (0.6.3)
      rack (>= 1.0)
    rails (4.2.0)
      actionmailer (= 4.2.0)
      actionpack (= 4.2.0)
      actionview (= 4.2.0)
      activejob (= 4.2.0)
      activemodel (= 4.2.0)
      activerecord (= 4.2.0)
      activesupport (= 4.2.0)
      bundler (>= 1.3.0, < 2.0)
      railties (= 4.2.0)
      sprockets-rails
    rails-deprecated_sanitizer (1.0.3)
      activesupport (>= 4.2.0.alpha)
    rails-dom-testing (1.0.7)
      activesupport (>= 4.2.0.beta, < 5.0)
      nokogiri (~> 1.6.0)
      rails-deprecated_sanitizer (>= 1.0.1)
    rails-html-sanitizer (1.0.2)
      loofah (~> 2.0)
    rails_12factor (0.0.3)
      rails_serve_static_assets
      rails_stdout_logging
    rails_serve_static_assets (0.0.4)
    rails_stdout_logging (0.0.4)
    railties (4.2.0)
      actionpack (= 4.2.0)
      activesupport (= 4.2.0)
      rake (>= 0.8.7)
      thor (>= 0.18.1, < 2.0)
    rainbow (2.0.0)
    rake (10.4.2)
    rdoc (4.2.0)
      json (~> 1.4)
    redcarpet (3.3.2)
    redis (3.2.2)
    ref (2.0.0)
    render_anywhere (0.0.11)
      rails (>= 3.0.7)
    responders (2.1.0)
      railties (>= 4.2.0, < 5)
    rest-client (1.8.0)
      http-cookie (>= 1.0.2, < 2.0)
      mime-types (>= 1.16, < 3.0)
      netrc (~> 0.7)
    roadie (3.0.5)
      css_parser (~> 1.3.4)
      nokogiri (~> 1.6.0)
    roadie-rails (1.0.6)
      railties (>= 3.0, < 4.3)
      roadie (~> 3.0)
    roo (1.13.2)
      nokogiri
      rubyzip
      spreadsheet (> 0.6.4)
    rspec (3.2.0)
      rspec-core (~> 3.2.0)
      rspec-expectations (~> 3.2.0)
      rspec-mocks (~> 3.2.0)
    rspec-core (3.2.3)
      rspec-support (~> 3.2.0)
    rspec-expectations (3.2.1)
      diff-lcs (>= 1.2.0, < 2.0)
      rspec-support (~> 3.2.0)
    rspec-legacy_formatters (1.0.0)
      rspec-core (>= 3.0.0.beta2)
      rspec-support (>= 3.0.0.beta2)
    rspec-mocks (3.2.1)
      diff-lcs (>= 1.2.0, < 2.0)
      rspec-support (~> 3.2.0)
    rspec-rails (3.2.1)
      actionpack (>= 3.0, < 4.3)
      activesupport (>= 3.0, < 4.3)
      railties (>= 3.0, < 4.3)
      rspec-core (~> 3.2.0)
      rspec-expectations (~> 3.2.0)
      rspec-mocks (~> 3.2.0)
      rspec-support (~> 3.2.0)
    rspec-support (3.2.2)
    rubocop (0.33.0)
      astrolabe (~> 1.3)
      parser (>= 2.2.2.5, < 3.0)
      powerpack (~> 0.1)
      rainbow (>= 1.99.1, < 3.0)
      ruby-progressbar (~> 1.4)
    ruby-ole (1.2.11.8)
    ruby-progressbar (1.7.5)
    rubyzip (1.1.7)
    rufus-scheduler (3.0.9)
      tzinfo
    sass (3.4.19)
    sass-rails (5.0.1)
      railties (>= 4.0.0, < 5.0)
      sass (~> 3.1)
      sprockets (>= 2.8, < 4.0)
      sprockets-rails (>= 2.0, < 4.0)
      tilt (~> 1.1)
    savon (2.10.0)
      akami (~> 1.2)
      builder (>= 2.1.2)
      gyoku (~> 1.2)
      httpi (~> 2.3)
      nokogiri (>= 1.4.0)
      nori (~> 2.4)
      uuid (~> 2.3.7)
      wasabi (~> 3.4)
    sdoc (0.4.1)
      json (~> 1.7, >= 1.7.7)
      rdoc (~> 4.0)
    selenium-webdriver (2.47.1)
      childprocess (~> 0.5)
      multi_json (~> 1.0)
      rubyzip (~> 1.0)
      websocket (~> 1.0)
    site_prism (2.6)
      addressable (~> 2.3.3)
      capybara (>= 2.1, < 3.0)
    slop (3.6.0)
    spreadsheet (1.0.8)
      ruby-ole (>= 1.0)
    sprockets (3.4.0)
      rack (> 1, < 3)
    sprockets-rails (2.3.3)
      actionpack (>= 3.0)
      activesupport (>= 3.0)
      sprockets (>= 2.8, < 4.0)
    sshkit (1.8.1)
      net-scp (>= 1.1.2)
      net-ssh (>= 2.8.0)
    systemu (2.6.5)
    therubyracer (0.12.2)
      libv8 (~> 3.16.14.0)
      ref
    thor (0.19.1)
    thread_safe (0.3.5)
    tilt (1.4.1)
    turbolinks (2.5.3)
      coffee-rails
    tzinfo (1.2.2)
      thread_safe (~> 0.1)
    tzinfo-data (1.2015.1)
      tzinfo (>= 1.0.0)
    uglifier (2.7.1)
      execjs (>= 0.3.0)
      json (>= 1.8.0)
    unf (0.1.4)
      unf_ext
    unf_ext (0.0.7.1)
    uuid (2.3.8)
      macaddr (~> 1.0)
    wasabi (3.5.0)
      httpi (~> 2.0)
      nokogiri (>= 1.4.2)
    web-console (2.1.0)
      activemodel (>= 4.0)
      binding_of_caller (>= 0.7.2)
      railties (>= 4.0)
      sprockets-rails (>= 2.0, < 4.0)
    websocket (1.2.2)
    xpath (2.0.0)
      nokogiri (~> 1.3)
    yaml_db (0.3.0)
      rails (>= 3.0, < 4.3)
      rake (>= 0.8.7)

PLATFORMS
  ruby

DEPENDENCIES
  bcrypt-ruby (= 3.1.5)
  bootstrap-sass (= 3.3.4.1)
  capistrano
  capybara (= 2.5.0)
  chart-js-rails (= 0.0.9)
  dashing-rails
  execjs (= 2.3.0)
  github-markup (= 1.4.0)
  htmlentities (= 4.3.3)
  jbuilder (= 2.2.9)
  jquery-rails (= 4.0.3)
  lograge (= 0.3.1)
  mail (= 2.6.3)
  mime-types (= 2.4.3)
  mysql (= 2.9.1)
  nokogiri (= 1.6.6.2)
  parallel (= 1.4.1)
  pry (~> 0.10)
  pry-byebug (~> 3.1)
  pry-clipboard (~> 0.1)
  pry-rescue (~> 1.4)
  pry-stack_explorer (~> 0.4)
  public_activity (= 1.4.2)
  puma
  rails (= 4.2.0)
  rails_12factor (= 0.0.3)
  redcarpet (= 3.3.2)
  render_anywhere (= 0.0.11)
  responders (= 2.1.0)
  rest-client (= 1.8.0)
  roadie (= 3.0.5)
  roadie-rails (= 1.0.6)
  roo (= 1.13.2)
  rspec (= 3.2.0)
  rspec-legacy_formatters (= 1.0.0)
  rspec-rails (= 3.2.1)
  rubocop (= 0.33.0)
  ruby-mysql (= 2.9.13)!
  rubyzip (= 1.1.7)
  rufus-scheduler (= 3.0.9)
  sass-rails (= 5.0.1)
  savon (= 2.10.0)
  sdoc (= 0.4.1)
  selenium-webdriver (= 2.47.1)
  site_prism (= 2.6)
  therubyracer (= 0.12.2)
  turbolinks (= 2.5.3)
  tzinfo-data (= 1.2015.1)
  uglifier (= 2.7.1)
  web-console (= 2.1.0)
  yaml_db (= 0.3.0)

BUNDLED WITH
   1.10.6
